GEM
  remote: http://rubygems.org/
  specs:
    faraday (0.13.1)
      multipart-post (>= 1.2, < 3)
    forecast_io (2.0.1)
      faraday
      hashie
      multi_json
    hashie (3.5.6)
    jwt (1.5.6)
    libxml-ruby (3.0.0)
    multi_json (1.12.1)
    multipart-post (2.0.0)
    thread_safe (0.3.6)
    twilio-ruby (5.1.2)
      faraday (~> 0.9)
      jwt (~> 1.5)
      libxml-ruby (= 3.0.0)
    tzinfo (1.2.3)
      thread_safe (~> 0.1)

PLATFORMS
  ruby

DEPENDENCIES
  forecast_io
  twilio-ruby
  tzinfo

BUNDLED WITH
   1.15.4
